PATH
  remote: .
  specs:
    posixpsutil (0.0.0)

GEM
  remote: http://rubygems.org/
  specs:

PLATFORMS
  ruby

DEPENDENCIES
  posixpsutil!
